PATH
  remote: .
  specs:
    sunnyday (0.1.2)
      term-ansicolor
      thor

GEM
  remote: https://rubygems.org/
  specs:
    rake (10.1.0)
    term-ansicolor (1.2.2)
      tins (~> 0.8)
    thor (0.18.1)
    tins (0.12.0)

PLATFORMS
  ruby

DEPENDENCIES
  rake
  sunnyday!
